GEM
  remote: https://rubygems.org/
  specs:
    fractional (1.2.1)

PLATFORMS
  x86_64-linux

DEPENDENCIES
  fractional (~> 1.2.1)

BUNDLED WITH
   2.4.8
